PATH
  remote: .
  specs:
    converter (0.1.5)

GEM
  remote: https://rubygems.org/
  specs:

PLATFORMS
  ruby

DEPENDENCIES
  converter!

BUNDLED WITH
   2.0.2
